GEM
  remote: https://rubygems.org/
  specs:
    aws-eventstream (1.0.3)
    aws-partitions (1.279.0)
    aws-sdk-core (3.90.1)
      aws-eventstream (~> 1.0, >= 1.0.2)
      aws-partitions (~> 1, >= 1.239.0)
      aws-sigv4 (~> 1.1)
      jmespath (~> 1.0)
    aws-sdk-v1 (1.67.0)
      json (~> 1.4)
      nokogiri (~> 1)
    aws-sigv4 (1.1.1)
      aws-eventstream (~> 1.0, >= 1.0.2)
    aws_config (0.1.0)
    diffy (3.3.0)
    hashie (4.1.0)
    jmespath (1.4.0)
    json (1.8.6)
    mini_portile2 (2.3.0)
    nokogiri (1.8.5)
      mini_portile2 (~> 2.3.0)
    piculet (0.3.0)
      aws-sdk-v1 (>= 1.48.0)
      aws_config (= 0.1.0)
      diffy
      hashie
      nokogiri (~> 1.8.2)
      term-ansicolor (>= 1.2.2)
    sync (0.5.0)
    term-ansicolor (1.7.1)
      tins (~> 1.0)
    tins (1.24.1)
      sync

PLATFORMS
  ruby

DEPENDENCIES
  aws-sdk-core
  piculet (>= 0.3.0.beta1)

BUNDLED WITH
   2.1.4
