GEM
  remote: https://rubygems.org/
  specs:
    aws-eventstream (1.0.2)
    aws-partitions (1.144.0)
    aws-sdk-core (3.47.0)
      aws-eventstream (~> 1.0, >= 1.0.2)
      aws-partitions (~> 1.0)
      aws-sigv4 (~> 1.1)
      http-2 (~> 0.10)
      jmespath (~> 1.0)
    aws-sdk-v1 (1.67.0)
      json (~> 1.4)
      nokogiri (~> 1)
    aws-sigv4 (1.1.0)
      aws-eventstream (~> 1.0, >= 1.0.2)
    aws_config (0.1.0)
    diffy (3.3.0)
    hashie (3.6.0)
    http-2 (0.10.1)
    jmespath (1.4.0)
    json (1.8.6)
    mini_portile2 (2.3.0)
    nokogiri (1.8.5)
      mini_portile2 (~> 2.3.0)
    piculet (0.3.0)
      aws-sdk-v1 (>= 1.48.0)
      aws_config (= 0.1.0)
      diffy
      hashie
      nokogiri (~> 1.8.2)
      term-ansicolor (>= 1.2.2)
    term-ansicolor (1.7.1)
      tins (~> 1.0)
    tins (1.20.2)

PLATFORMS
  ruby

DEPENDENCIES
  aws-sdk-core
  piculet (>= 0.3.0.beta1)

BUNDLED WITH
   1.17.1
